PATH
  remote: .
  specs:
    restic-service (0.4.2)
      thor

GEM
  remote: https://rubygems.org/
  specs:
    byebug (9.1.0)
    coderay (1.1.2)
    flexmock (2.3.6)
    method_source (0.9.0)
    minitest (5.10.3)
    pry (0.11.3)
      coderay (~> 1.1.0)
      method_source (~> 0.9.0)
    pry-byebug (3.5.0)
      byebug (~> 9.1)
      pry (~> 0.10)
    rake (10.5.0)
    thor (0.20.0)

PLATFORMS
  ruby

DEPENDENCIES
  bundler (~> 1.16)
  flexmock
  minitest (~> 5.0)
  pry
  pry-byebug
  rake (~> 10.0)
  restic-service!

BUNDLED WITH
   1.17.1
